NUGET
  remote: https://nuget.org/api/v2
  specs:
    FAKE (4.1.4)
    Foq (1.7.1) - framework: >= net40
    FSharp.Compiler.Service (1.4.0.1)
    FSharp.Formatting (2.10.0)
      FSharp.Compiler.Service (>= 0.0.87)
      FSharpVSPowerTools.Core (1.8.0)
    FSharpVSPowerTools.Core (1.8.0)
      FSharp.Compiler.Service (>= 0.0.87)
    FsUnit.xUnit (1.3.1) - framework: >= net40
      xunit (1.9.2)
    log4net (2.0.3) - framework: >= net451
    Microsoft.Bcl (1.1.10)
      Microsoft.Bcl.Build (>= 1.0.14)
    Microsoft.Bcl.Build (1.0.21)
    Microsoft.Net.Http (2.2.29)
      Microsoft.Bcl (>= 1.1.10)
      Microsoft.Bcl.Build (>= 1.0.14)
    Moq (4.2.1507.118)
    Newtonsoft.Json (7.0.1) - framework: >= net451
    Octokit (0.14.0)
      Microsoft.Net.Http
    Redis-64 (2.8.2101)
    SourceLink.Fake (1.0.0)
    StackExchange.Redis (1.0.481) - framework: >= net451
    xunit (1.9.2)
    xunit.runner.console (2.0.0)
    xunit.runner.visualstudio (2.0.1) - framework: >= net451
    XunitShould (5.0.0)
      xunit (>= 1.9.2 < 2.0)
GITHUB
  remote: fsharp/FAKE
  specs:
    modules/Octokit/Octokit.fsx (56f47d2c0b59f9835c7339bd9a92d3e983ff6f93)
      Octokit